GEM
  remote: http://rubygems.org/
  specs:
    nokogiri (1.5.5)
    nokogiri (1.5.5-x86-mingw32)

PLATFORMS
  ruby
  x86-mingw32

DEPENDENCIES
  nokogiri
