GEM
  remote: http://rubygems.org/
  specs:
    i18n (0.6.1)
    nokogiri (1.5.5)
    nokogiri (1.5.5-x86-mingw32)

PLATFORMS
  ruby
  x86-mingw32

DEPENDENCIES
  i18n
  nokogiri
