GEM
  remote: http://rubygems.org/
  specs:
    concurrent-ruby (1.3.4)
    fiddle (1.1.6)
    i18n (1.14.6)
      concurrent-ruby (~> 1.0)
    logger (1.6.0)
    nokogiri (1.16.7-arm64-darwin)
      racc (~> 1.4)
    ostruct (0.6.0)
    racc (1.7.3)
    tzinfo (2.0.6)
      concurrent-ruby (~> 1.0)

PLATFORMS
  arm64-darwin

DEPENDENCIES
  fiddle (>= 1.1.6)
  i18n (>= 0.6.6)
  logger (>= 1.1.0)
  nokogiri (>= 1.8.5)
  ostruct (>= 0.6.0)
  tzinfo (>= 0.3)

BUNDLED WITH
   2.5.22
